PATH
  remote: vendor/contacts
  specs:
    contacts (1.2.0)
      gdata (>= 1.1.1)
      json (>= 1.1.1)

PATH
  remote: vendor/ezcrypto
  specs:
    ezcrypto (0.0.0)

PATH
  remote: vendor/gdata
  specs:
    gdata (1.1.1)

PATH
  remote: vendor/plugins/access_control
  specs:
    access_control (0.0.0)

PATH
  remote: vendor/plugins/action_tracker
  specs:
    action_tracker (0.0.1)

PATH
  remote: vendor/plugins/active_model-errors_details
  specs:
    active_model-errors_details (1.3.1)
      activemodel (>= 3.2.13, < 5.0.0)
      activesupport

PATH
  remote: vendor/plugins/acts_as_list
  specs:
    acts_as_list (0.0.0)

PATH
  remote: vendor/plugins/acts_as_tree
  specs:
    acts_as_tree (0.0.0)

PATH
  remote: vendor/plugins/acts_as_versioned
  specs:
    acts_as_versioned (3.2.1)
      activerecord

PATH
  remote: vendor/plugins/i18n_deprecation
  specs:
    i18n_deprecation (0.0.0)

PATH
  remote: vendor/plugins/kandadaboggu-vote_fu
  specs:
    kandadaboggu-vote_fu (0.0.15)

PATH
  remote: vendor/plugins/monkey_patches
  specs:
    monkey_patches (0.0.0)

PATH
  remote: vendor/plugins/ruby_bosh
  specs:
    ruby_bosh (0.5.4)
      builder
      rest-client

PATH
  remote: vendor/plugins/validates_as_cnpj
  specs:
    validates_as_cnpj (0.0.0)

PATH
  remote: vendor/plugins/validates_multiparameter_assignments
  specs:
    validates_multiparameter_assignments (0.0.0)

PATH
  remote: vendor/plugins/xss_terminate
  specs:
    xss_terminate (0.0.0)

GEM
  remote: https://rubygems.org/
  specs:
    RedCloth (4.2.9)
    actionmailer (4.2.5.1)
      actionpack (= 4.2.5.1)
      actionview (= 4.2.5.1)
      activejob (= 4.2.5.1)
      mail (~> 2.5, >= 2.5.4)
      rails-dom-testing (~> 1.0, >= 1.0.5)
    actionpack (4.2.5.1)
      actionview (= 4.2.5.1)
      activesupport (= 4.2.5.1)
      rack (~> 1.6)
      rack-test (~> 0.6.2)
      rails-dom-testing (~> 1.0, >= 1.0.5)
      rails-html-sanitizer (~> 1.0, >= 1.0.2)
    actionpack-action_caching (1.1.1)
      actionpack (>= 4.0.0, < 5.0)
    actionpack-page_caching (1.0.2)
      actionpack (>= 4.0.0, < 5)
    actionview (4.2.5.1)
      activesupport (= 4.2.5.1)
      builder (~> 3.1)
      erubis (~> 2.7.0)
      rails-dom-testing (~> 1.0, >= 1.0.5)
      rails-html-sanitizer (~> 1.0, >= 1.0.2)
    activejob (4.2.5.1)
      activesupport (= 4.2.5.1)
      globalid (>= 0.3.0)
    activemodel (4.2.5.1)
      activesupport (= 4.2.5.1)
      builder (~> 3.1)
    activerecord (4.2.5.1)
      activemodel (= 4.2.5.1)
      activesupport (= 4.2.5.1)
      arel (~> 6.0)
    activerecord-import (0.25.0)
      activerecord (>= 3.2)
    activerecord-session_store (0.1.1)
      actionpack (>= 4.0.0, < 5)
      activerecord (>= 4.0.0, < 5)
      railties (>= 4.0.0, < 5)
    activesupport (4.2.5.1)
      i18n (~> 0.7)
      json (~> 1.7, >= 1.7.7)
      minitest (~> 5.1)
      thread_safe (~> 0.3, >= 0.3.4)
      tzinfo (~> 1.1)
    acts-as-taggable-on (3.5.0)
      activerecord (>= 3.2, < 5)
    addressable (2.3.6)
    ansi (1.4.3)
    api-pagination (4.2.0)
    arel (6.0.3)
    axiom-types (0.1.1)
      descendants_tracker (~> 0.0.4)
      ice_nine (~> 0.11.0)
      thread_safe (~> 0.3, >= 0.3.1)
    builder (3.2.2)
    capybara (2.15.4)
      addressable
      mini_mime (>= 0.1.3)
      nokogiri (>= 1.3.3)
      rack (>= 1.0.0)
      rack-test (>= 0.5.4)
      xpath (~> 2.0)
    childprocess (0.5.5)
      ffi (~> 1.0, >= 1.0.11)
    chronic (0.10.2)
    coercible (1.0.0)
      descendants_tracker (~> 0.0.1)
    cucumber (1.3.17)
      builder (>= 2.1.2)
      diff-lcs (>= 1.1.3)
      gherkin (~> 2.12)
      multi_json (>= 1.7.5, < 2.0)
      multi_test (>= 0.1.1)
    cucumber-rails (1.4.5)
      capybara (>= 1.1.2, < 3)
      cucumber (>= 1.3.8, < 2.1)
      mime-types (>= 1.16, < 3)
      nokogiri (~> 1.5)
      rails (>= 3, < 5)
    daemons (1.1.9)
    dalli (2.7.4)
    database_cleaner (1.3.0)
    delayed_job (4.0.6)
      activesupport (>= 3.0, < 5.0)
    delayed_job_active_record (4.0.3)
      activerecord (>= 3.0, < 5.0)
      delayed_job (>= 3.0, < 4.1)
    descendants_tracker (0.0.4)
      thread_safe (~> 0.3, >= 0.3.1)
    diff-lcs (1.2.5)
    diffy (3.0.6)
    docile (1.1.5)
    eita-jrails (0.10.0)
      actionpack (>= 3.1.0)
      activesupport (>= 3.0.0)
    equalizer (0.0.9)
    erubis (2.7.0)
    exception_notification (4.0.1)
      actionmailer (>= 3.0.4)
      activesupport (>= 3.0.4)
    execjs (2.2.1)
    fast_gettext (0.9.2)
    ffi (1.9.6)
    font-awesome-sass (4.7.0)
      sass (>= 3.2)
    gettext (3.1.2)
      locale (>= 2.0.5)
      text
    gherkin (2.12.2)
      multi_json (~> 1.3)
    globalid (0.3.6)
      activesupport (>= 4.1.0)
    grape (0.12.0)
      activesupport
      builder
      hashie (>= 2.1.0)
      multi_json (>= 1.3.2)
      multi_xml (>= 0.5.2)
      rack (>= 1.3.0)
      rack-accept
      rack-mount
      virtus (>= 1.0.0)
    grape-entity (0.4.8)
      activesupport
      multi_json (>= 1.3.2)
    grape_logging (1.1.2)
      grape
    hashie (3.4.2)
    hike (1.2.1)
    hkdf (0.3.0)
    honeypot-captcha (0.0.3)
    i18n (0.7.0)
    ice_nine (0.11.1)
    json (1.8.1)
    kgio (2.9.2)
    launchy (2.4.3)
    liquid (3.0.4)
    locale (2.1.0)
    loofah (2.0.3)
      nokogiri (>= 1.5.9)
    magic (0.2.8)
      ffi (>= 0.6.3)
    mail (2.6.1)
      mime-types (>= 1.16, < 3)
    metaclass (0.0.4)
    mime-types (1.25)
    mini_mime (0.1.4)
    mini_portile2 (2.1.0)
    minitest (5.4.2)
    minitest-reporters (1.0.19)
      ansi
      builder
      minitest (>= 5.0)
      ruby-progressbar
    mocha (1.1.0)
      metaclass (~> 0.0.1)
    multi_json (1.10.1)
    multi_test (0.1.1)
    multi_xml (0.5.5)
    netrc (0.11.0)
    nokogiri (1.6.8.1)
    pg (0.17.1)
    pothoven-attachment_fu (3.2.16)
    protected_attributes (1.1.3)
      activemodel (>= 4.0.1, < 5.0)
    rack (1.6.9)
    rack-accept (0.4.5)
      rack (>= 0.4)
    rack-contrib (1.8.0)
      rack (~> 1.4)
    rack-cors (0.4.0)
    rack-mount (0.8.3)
      rack (>= 1.0.0)
    rack-test (0.6.2)
      rack (>= 1.0)
    rails (4.2.5.1)
      actionmailer (= 4.2.5.1)
      actionpack (= 4.2.5.1)
      actionview (= 4.2.5.1)
      activejob (= 4.2.5.1)
      activemodel (= 4.2.5.1)
      activerecord (= 4.2.5.1)
      activesupport (= 4.2.5.1)
      bundler (>= 1.3.0, < 2.0)
      railties (= 4.2.5.1)
      sprockets-rails
    rails-deprecated_sanitizer (1.0.3)
      activesupport (>= 4.2.0.alpha)
    rails-dom-testing (1.0.6)
      activesupport (>= 4.2.0.beta, < 5.0)
      nokogiri (~> 1.6.0)
      rails-deprecated_sanitizer (>= 1.0.1)
    rails-html-sanitizer (1.0.2)
      loofah (~> 2.0)
    rails-observers (0.1.2)
      activemodel (~> 4.0)
    rails_autolink (1.1.6)
      rails (> 3.1)
    railties (4.2.5.1)
      actionpack (= 4.2.5.1)
      activesupport (= 4.2.5.1)
      rake (>= 0.8.7)
      thor (>= 0.18.1, < 2.0)
    raindrops (0.13.0)
    rake (10.3.2)
    recaptcha (4.3.1)
      json
    rest-client (2.0.2)
      mime-types (>= 1.16)
    rmagick (2.16.0)
    rspec (3.3.0)
      rspec-core (~> 3.3.0)
      rspec-expectations (~> 3.3.0)
      rspec-mocks (~> 3.3.0)
    rspec-core (3.3.2)
      rspec-support (~> 3.3.0)
    rspec-expectations (3.3.0)
      diff-lcs (>= 1.2.0, < 2.0)
      rspec-support (~> 3.3.0)
    rspec-mocks (3.3.0)
      diff-lcs (>= 1.2.0, < 2.0)
      rspec-support (~> 3.3.0)
    rspec-rails (3.3.3)
      actionpack (>= 3.0, < 4.3)
      activesupport (>= 3.0, < 4.3)
      railties (>= 3.0, < 4.3)
      rspec-core (~> 3.3.0)
      rspec-expectations (~> 3.3.0)
      rspec-mocks (~> 3.3.0)
      rspec-support (~> 3.3.0)
    rspec-support (3.3.0)
    ruby-feedparser (0.9.3)
      magic
    ruby-progressbar (1.4.2)
    rubyzip (1.1.6)
    sass (3.5.5)
    sass-rails (5.0.7)
      railties (>= 4.0.0, < 5.0)
      sass (~> 3.2)
      sprockets (~> 2.12)
      sprockets-rails (~> 2.0)
    selenium-webdriver (2.53.4)
      childprocess (~> 0.5)
      rubyzip (~> 1.0)
      websocket (~> 1.0)
    serviceworker-rails (0.5.5)
      railties (>= 3.1)
    simplecov (0.14.1)
      docile (~> 1.1.0)
      json (>= 1.8, < 3)
      simplecov-html (~> 0.10.0)
    simplecov-html (0.10.0)
    slim (2.0.2)
      temple (~> 0.6.6)
      tilt (>= 1.3.3, < 2.1)
    spring (1.1.3)
    sprockets (2.12.3)
      hike (~> 1.2)
      multi_json (~> 1.0)
      rack (~> 1.0)
      tilt (~> 1.1, != 1.3.0)
    sprockets-rails (2.1.3)
      actionpack (>= 3.0)
      activesupport (>= 3.0)
      sprockets (~> 2.8)
    temple (0.6.7)
    text (1.3.0)
    thor (0.19.1)
    thread_safe (0.3.5)
    tilt (1.4.1)
    tzinfo (1.1.0)
      thread_safe (~> 0.1)
    uglifier (2.5.3)
      execjs (>= 0.3.0)
      json (>= 1.8.0)
    unicorn (4.8.3)
      kgio (~> 2.6)
      rack
      raindrops (~> 0.7)
    virtus (1.0.2)
      axiom-types (~> 0.1)
      coercible (~> 1.0)
      descendants_tracker (~> 0.0.3)
      equalizer (~> 0.0.9)
    webpush (0.2.5)
      hkdf (~> 0.2)
    websocket (1.2.3)
    whenever (0.9.4)
      chronic (>= 0.6.3)
    will_paginate (3.0.7)
    xpath (2.0.0)
      nokogiri (~> 1.3)

PLATFORMS
  ruby

DEPENDENCIES
  RedCloth (~> 4.2)
  access_control (= 0.0.0)!
  action_tracker (> 0.0.0)!
  actionpack-action_caching
  actionpack-page_caching
  active_model-errors_details (> 0.0.0)!
  activerecord-import
  activerecord-jdbcpostgresql-adapter
  activerecord-session_store
  acts-as-taggable-on
  acts_as_list (= 0.0.0)!
  acts_as_tree (= 0.0.0)!
  acts_as_versioned (> 0.0.0)!
  api-pagination
  capybara
  contacts (> 0.0.0)!
  cucumber
  cucumber-rails
  daemons
  dalli (~> 2.7.0)
  database_cleaner
  delayed_job
  delayed_job_active_record
  diffy
  eita-jrails
  exception_notification
  ezcrypto (= 0.0.0)!
  fast_gettext
  font-awesome-sass
  gdata (> 0.0.0)!
  gettext
  grape
  grape-entity
  grape_logging
  honeypot-captcha
  i18n_deprecation (= 0.0.0)!
  kandadaboggu-vote_fu (> 0.0.0)!
  launchy
  liquid
  locale
  mini_portile2
  minitest
  minitest-reporters
  mocha (~> 1.1.0)
  monkey_patches (= 0.0.0)!
  netrc
  nokogiri (~> 1.6.0)
  pg (~> 0.17)
  pothoven-attachment_fu
  protected_attributes
  rack-contrib
  rack-cors
  rails (~> 4.2.4)
  rails-observers
  rails_autolink
  rake
  recaptcha
  rest-client
  rmagick (~> 2.13)
  rmagick4j
  rspec
  rspec-rails
  ruby-feedparser
  ruby_bosh (> 0.0.0)!
  sass
  sass-rails
  selenium-webdriver
  serviceworker-rails
  simplecov
  slim
  spring
  sprockets-rails
  uglifier
  unicorn (~> 4.8)
  validates_as_cnpj (= 0.0.0)!
  validates_multiparameter_assignments (= 0.0.0)!
  webpush
  whenever
  will_paginate
  xss_terminate (= 0.0.0)!

BUNDLED WITH
   1.15.3
